PATH
  remote: .
  specs:
    sidekiq-heroku-autoscale (0.0.1)
      platform-api (~> 3.3.0)
      sidekiq (>= 5.0)

GEM
  remote: http://rubygems.org/
  specs:
    connection_pool (2.2.5)
    erubis (2.7.0)
    excon (0.71.1)
    heroics (0.0.25)
      erubis (~> 2.0)
      excon
      moneta
      multi_json (>= 1.9.2)
    minitest (5.13.0)
    moneta (1.0.0)
    multi_json (1.14.1)
    platform-api (3.3.0)
      heroics (~> 0.0.25)
      moneta (~> 1.0.0)
    rack (2.2.3)
    rake (12.3.3)
    redis (4.5.1)
    sidekiq (6.4.0)
      connection_pool (>= 2.2.2)
      rack (~> 2.0)
      redis (>= 4.2.0)

PLATFORMS
  ruby

DEPENDENCIES
  bundler (~> 2.0)
  minitest (~> 5.12)
  rake (~> 12.0)
  sidekiq-heroku-autoscale!

BUNDLED WITH
   2.1.2
