PATH
  remote: .
  specs:
    sidekiq-heroku-autoscale (0.0.1)
      platform-api (~> 3.0)
      sidekiq (>= 5.0)

GEM
  remote: http://rubygems.org/
  specs:
    connection_pool (2.2.5)
    erubis (2.7.0)
    excon (0.81.0)
    heroics (0.1.2)
      erubis (~> 2.0)
      excon
      moneta
      multi_json (>= 1.9.2)
      webrick
    minitest (5.14.4)
    moneta (1.0.0)
    multi_json (1.15.0)
    platform-api (3.3.0)
      heroics (~> 0.1.1)
      moneta (~> 1.0.0)
      rate_throttle_client (~> 0.1.0)
    rack (2.2.3)
    rake (12.3.3)
    rate_throttle_client (0.1.2)
    redis (4.2.5)
    sidekiq (6.2.1)
      connection_pool (>= 2.2.2)
      rack (~> 2.0)
      redis (>= 4.2.0)
    webrick (1.7.0)

PLATFORMS
  ruby

DEPENDENCIES
  bundler (~> 2.0)
  minitest (~> 5.12)
  rake (~> 12.0)
  sidekiq-heroku-autoscale!

BUNDLED WITH
   2.1.4
