PATH
  remote: .
  specs:
    sidekiq-heroku-autoscale (0.0.1)
      platform-api (~> 3.3.0)
      sidekiq (>= 5.0)

GEM
  remote: http://rubygems.org/
  specs:
    connection_pool (2.2.2)
    erubis (2.7.0)
    excon (0.71.1)
    heroics (0.1.2)
      erubis (~> 2.0)
      excon
      moneta
      multi_json (>= 1.9.2)
      webrick
    minitest (5.13.0)
    moneta (1.0.0)
    multi_json (1.14.1)
    platform-api (3.3.0)
      heroics (~> 0.1.1)
      moneta (~> 1.0.0)
      rate_throttle_client (~> 0.1.0)
    rack (2.2.6.2)
    rack-protection (2.0.8.1)
      rack
    rake (12.3.3)
    rate_throttle_client (0.1.2)
    redis (4.1.3)
    sidekiq (5.2.7)
      connection_pool (~> 2.2, >= 2.2.2)
      rack (>= 1.5.0)
      rack-protection (>= 1.5.0)
      redis (>= 3.3.5, < 5)
    webrick (1.7.0)

PLATFORMS
  ruby

DEPENDENCIES
  bundler (~> 2.0)
  minitest (~> 5.12)
  rake (~> 12.0)
  sidekiq-heroku-autoscale!

BUNDLED WITH
   2.1.2
